GEM
  remote: http://rubygems.org/
  specs:
    RedCloth (4.2.2)
    activesupport (2.3.5)
    builder (2.1.2)
    coderay (0.9.3)
    daemons (1.1.0)
    eventmachine (0.12.10)
    fuzzyhash (0.0.11)
    haml (3.0.13)
    hashie (0.2.1)
    hoe (2.6.1)
      rake (>= 0.8.7)
      rubyforge (>= 2.0.4)
    hpricot (0.8.2)
    i18n (0.4.1)
    json_pure (1.4.3)
    nokogiri (1.4.2)
    padrino (0.9.9)
      padrino-admin (= 0.9.9)
      padrino-core (= 0.9.9)
      padrino-gen (= 0.9.9)
      padrino-helpers (= 0.9.9)
      padrino-mailer (= 0.9.9)
    padrino-admin (0.9.9)
      padrino-core (= 0.9.9)
      padrino-gen (= 0.9.9)
      padrino-helpers (= 0.9.9)
    padrino-core (0.9.9)
      activesupport (= 2.3.5)
      bundler (>= 0.9.7)
      i18n (>= 0.3.2)
      sinatra (>= 1.0.0)
      thor (>= 0.13.0)
      usher (>= 0.6.2)
    padrino-gen (0.9.9)
      padrino-core (= 0.9.9)
    padrino-helpers (0.9.9)
      padrino-core (= 0.9.9)
    padrino-mailer (0.9.9)
      padrino-core (= 0.9.9)
      tmail (>= 1.2)
    rack (1.2.1)
    rack-codehighlighter (0.4.6)
      nokogiri (>= 1.4.1)
      rack (>= 1.0.0)
    rack-flash (0.1.1)
      rack
    rack-test (0.5.4)
      rack (>= 1.0)
    rake (0.8.7)
    rdiscount (1.5.8)
    rspec (1.3.0)
    rspec_hpricot_matchers (1.0)
    rubyforge (2.0.4)
      json_pure (>= 1.1.7)
    sinatra (1.0)
      rack (>= 1.0)
    test-unit (1.2.3)
      hoe (>= 1.5.1)
    thin (1.2.7)
      daemons (>= 1.0.9)
      eventmachine (>= 0.12.6)
      rack (>= 1.0.0)
    thor (0.13.8)
    tmail (1.2.7.1)
    usher (0.8.3)
      fuzzyhash (>= 0.0.11)

PLATFORMS
  ruby

DEPENDENCIES
  RedCloth (= 4.2.2)
  builder (= 2.1.2)
  coderay
  haml
  hashie (~> 0.2.0)
  hpricot (= 0.8.2)
  padrino (= 0.9.9)
  rack-codehighlighter (~> 0.4.6)
  rack-flash
  rack-test
  rake
  rdiscount (= 1.5.8)
  rspec
  rspec_hpricot_matchers (= 1.0)
  test-unit (= 1.2.3)
  thin
